GEM
  remote: https://rubygems.org/
  specs:
    addressable (2.7.0)
      public_suffix (>= 2.0.2, < 5.0)
    aws-eventstream (1.1.0)
    aws-sigv4 (1.2.1)
      aws-eventstream (~> 1, >= 1.0.2)
    concurrent-ruby (1.1.6)
    elasticsearch (7.8.0)
      elasticsearch-api (= 7.8.0)
      elasticsearch-transport (= 7.8.0)
    elasticsearch-api (7.8.0)
      multi_json
    elasticsearch-transport (7.8.0)
      faraday (~> 1)
      multi_json
    dotenv (2.7.6)
    faraday (1.0.1)
      multipart-post (>= 1.2, < 3)
    faraday_middleware-aws-sigv4 (0.3.0)
      aws-sigv4 (~> 1.0)
      faraday (>= 0.15)
    google-cloud-core (1.5.0)
      google-cloud-env (~> 1.0)
      google-cloud-errors (~> 1.0)
    google-cloud-env (1.3.3)
      faraday (>= 0.17.3, < 2.0)
    google-cloud-errors (1.0.1)
    google-cloud-firestore (1.4.4)
      concurrent-ruby (~> 1.0)
      google-cloud-core (~> 1.2)
      google-gax (~> 1.8)
      googleapis-common-protos (>= 1.3.9, < 2.0)
      googleapis-common-protos-types (>= 1.0.4, < 2.0)
      rbtree (~> 0.4.2)
    google-gax (1.8.1)
      google-protobuf (~> 3.9)
      googleapis-common-protos (>= 1.3.9, < 2.0)
      googleauth (~> 0.9)
      grpc (~> 1.24)
      rly (~> 0.2.3)
    google-protobuf (3.12.2)
    googleapis-common-protos (1.3.10)
      google-protobuf (~> 3.11)
      googleapis-common-protos-types (>= 1.0.5, < 2.0)
      grpc (~> 1.27)
    googleapis-common-protos-types (1.0.5)
      google-protobuf (~> 3.11)
    googleauth (0.13.0)
      faraday (>= 0.17.3, < 2.0)
      jwt (>= 1.4, < 3.0)
      memoist (~> 0.16)
      multi_json (~> 1.11)
      os (>= 0.9, < 2.0)
      signet (~> 0.14)
    grpc (1.30.1)
      google-protobuf (~> 3.12)
      googleapis-common-protos-types (~> 1.0)
    jwt (2.2.1)
    line-bot-api (1.14.1)
    memoist (0.16.2)
    multi_json (1.15.0)
    multipart-post (2.1.1)
    mustermann (1.1.1)
      ruby2_keywords (~> 0.0.1)
    os (1.1.0)
    public_suffix (4.0.5)
    rack (2.2.3)
    rack-protection (2.0.8.1)
      rack
    rbtree (0.4.2)
    rly (0.2.3)
    ruby2_keywords (0.0.2)
    signet (0.14.0)
      addressable (~> 2.3)
      faraday (>= 0.17.3, < 2.0)
      jwt (>= 1.5, < 3.0)
      multi_json (~> 1.10)
    sinatra (2.0.8.1)
      mustermann (~> 1.0)
      rack (~> 2.0)
      rack-protection (= 2.0.8.1)
      tilt (~> 2.0)
    tilt (2.0.10)

PLATFORMS
  ruby

DEPENDENCIES
<<<<<<< HEAD
  elasticsearch
  faraday_middleware-aws-sigv4
=======
  dotenv
>>>>>>> a056cd4ec1317c7c987bf8e33150f563df556e34
  google-cloud-firestore
  line-bot-api
  sinatra

BUNDLED WITH
   1.17.2
